GEM
  remote: https://rubygems.org/
  specs:
    faraday (2.12.0)
      faraday-net_http (>= 2.0, < 3.4)
      json
      logger
    faraday-net_http (3.3.0)
      net-http
    json (2.7.5)
    logger (1.6.1)
    net-http (0.4.1)
      uri
    uri (0.13.1)

PLATFORMS
  ruby
  x86_64-linux

DEPENDENCIES
  faraday
  json

BUNDLED WITH
   2.5.6
